PATH
  remote: .
  specs:
    cloudq_client (0.0.7)
      backports
      json
      rest-client (>= 1.6.1)

GEM
  remote: http://rubygems.org/
  specs:
    backports (3.6.0)
    diff-lcs (1.1.2)
    json (1.8.1)
    mime-types (2.2)
    rest-client (1.6.7)
      mime-types (>= 1.16)
    rspec (2.5.0)
      rspec-core (~> 2.5.0)
      rspec-expectations (~> 2.5.0)
      rspec-mocks (~> 2.5.0)
    rspec-core (2.5.1)
    rspec-expectations (2.5.0)
      diff-lcs (~> 1.1.2)
    rspec-mocks (2.5.0)

PLATFORMS
  ruby

DEPENDENCIES
  cloudq_client!
  rspec (>= 2.5.0)
